GEM
  remote: http://rubygems.org/
  specs:
    addressable (2.5.0)
      public_suffix (~> 2.0, >= 2.0.2)
    builder (3.2.3)
    chronic (0.10.2)
    domain_name (0.5.20161129)
      unf (>= 0.0.5, < 1.0.0)
    dropbox-sdk-v2 (0.0.3)
      http (~> 2.0)
    faraday (0.10.1)
      multipart-post (>= 1.2, < 3)
    http (2.1.0)
      addressable (~> 2.3)
      http-cookie (~> 1.0)
      http-form_data (~> 1.0.1)
      http_parser.rb (~> 0.6.0)
    http-cookie (1.0.3)
      domain_name (~> 0.5)
    http-form_data (1.0.1)
    http_parser.rb (0.6.0)
    jwt (1.5.6)
    logger (1.2.8)
    multi_json (1.12.1)
    multipart-post (2.0.0)
    oj (2.18.0)
    public_suffix (2.0.5)
    rake (12.0.0)
    rufus-scheduler (3.3.2)
      tzinfo
    thread_safe (0.3.5)
    togglv8 (1.2.1)
      faraday
      logger
      oj
    twilio-ruby (4.11.1)
      builder (>= 2.1.2)
      jwt (~> 1.0)
      multi_json (>= 1.3.0)
    tzinfo (1.2.2)
      thread_safe (~> 0.1)
    unf (0.1.4)
      unf_ext
    unf_ext (0.0.7.2)
    whenever (0.9.7)
      chronic (>= 0.6.3)

PLATFORMS
  ruby

DEPENDENCIES
  dropbox-sdk-v2
  rake
  rufus-scheduler
  togglv8
  twilio-ruby (~> 4.11.1)
  whenever

RUBY VERSION
   ruby 2.3.1p112

BUNDLED WITH
   1.13.6
